GEM
  remote: https://rubygems.org/
  specs:
    ast (2.4.0)
    aws_cf_signer (0.1.3)
    cloudinary (1.11.1)
      aws_cf_signer
      rest-client
    coderay (1.1.2)
    debase (0.2.4)
      debase-ruby_core_source (>= 0.10.2)
    debase-ruby_core_source (0.10.5)
    domain_name (0.5.20190701)
      unf (>= 0.0.5, < 1.0.0)
    dotenv (2.7.5)
    fastri (0.3.1.1)
    http-cookie (1.0.3)
      domain_name (~> 0.5)
    jaro_winkler (1.5.3)
    method_source (0.9.2)
    mime-types (3.2.2)
      mime-types-data (~> 3.2015)
    mime-types-data (3.2019.0331)
    multi_json (1.15.0)
    mustermann (1.1.1)
      ruby2_keywords (~> 0.0.1)
    netrc (0.11.0)
    parallel (1.17.0)
    parser (2.6.3.0)
      ast (~> 2.4.0)
    pry (0.12.2)
      coderay (~> 1.1.0)
      method_source (~> 0.9.0)
    rack (2.2.3)
    rack-protection (2.2.0)
      rack
    rainbow (3.0.0)
    rake (12.3.3)
    rcodetools (0.8.5.0)
    rest-client (2.0.2)
      http-cookie (>= 1.0.2, < 2.0)
      mime-types (>= 1.16, < 4.0)
      netrc (~> 0.8)
    rmagick (4.0.0)
    rubocop (0.74.0)
      jaro_winkler (~> 1.5.1)
      parallel (~> 1.10)
      parser (>= 2.6)
      rainbow (>= 2.2.2, < 4.0)
      ruby-progressbar (~> 1.7)
      unicode-display_width (>= 1.4.0, < 1.7)
    ruby-debug-ide (0.7.0)
      rake (>= 0.8.1)
    ruby-progressbar (1.10.1)
    ruby2_keywords (0.0.5)
    sinatra (2.2.0)
      mustermann (~> 1.0)
      rack (~> 2.2)
      rack-protection (= 2.2.0)
      tilt (~> 2.0)
    sinatra-contrib (2.2.0)
      multi_json
      mustermann (~> 1.0)
      rack-protection (= 2.2.0)
      sinatra (= 2.2.0)
      tilt (~> 2.0)
    tilt (2.0.10)
    unf (0.1.4)
      unf_ext
    unf_ext (0.0.7.6)
    unicode-display_width (1.6.0)

PLATFORMS
  ruby

DEPENDENCIES
  cloudinary
  debase
  dotenv
  fastri
  pry
  rcodetools
  rmagick
  rubocop
  ruby-debug-ide
  sinatra
  sinatra-contrib

RUBY VERSION
   ruby 2.6.2p47

BUNDLED WITH
   2.0.2
